GEM
  remote: https://rubygems.org/
  specs:
    actioncable (5.0.0.beta3)
      actionpack (= 5.0.0.beta3)
      nio4r (~> 1.2)
      websocket-driver (~> 0.6.1)
    actionmailer (5.0.0.beta3)
      actionpack (= 5.0.0.beta3)
      actionview (= 5.0.0.beta3)
      activejob (= 5.0.0.beta3)
      mail (~> 2.5, >= 2.5.4)
      rails-dom-testing (~> 1.0, >= 1.0.5)
    actionpack (5.0.0.beta3)
      actionview (= 5.0.0.beta3)
      activesupport (= 5.0.0.beta3)
      rack (~> 2.x)
      rack-test (~> 0.6.3)
      rails-dom-testing (~> 1.0, >= 1.0.5)
      rails-html-sanitizer (~> 1.0, >= 1.0.2)
    actionview (5.0.0.beta3)
      activesupport (= 5.0.0.beta3)
      builder (~> 3.1)
      erubis (~> 2.7.0)
      rails-dom-testing (~> 1.0, >= 1.0.5)
      rails-html-sanitizer (~> 1.0, >= 1.0.2)
    activejob (5.0.0.beta3)
      activesupport (= 5.0.0.beta3)
      globalid (>= 0.3.6)
    activemodel (5.0.0.beta3)
      activesupport (= 5.0.0.beta3)
    activerecord (5.0.0.beta3)
      activemodel (= 5.0.0.beta3)
      activesupport (= 5.0.0.beta3)
      arel (~> 7.0)
    activesupport (5.0.0.beta3)
      concurrent-ruby (~> 1.0)
      i18n (~> 0.7)
      minitest (~> 5.1)
      tzinfo (~> 1.1)
    addressable (2.4.0)
    arel (7.0.0)
    buftok (0.2.0)
    builder (3.2.2)
    byebug (8.2.2)
    coderay (1.1.1)
    concurrent-ruby (1.0.1)
    domain_name (0.5.25)
      unf (>= 0.0.5, < 1.0.0)
    equalizer (0.0.10)
    erubis (2.7.0)
    faraday (0.9.2)
      multipart-post (>= 1.2, < 3)
    ffi (1.9.10)
    globalid (0.3.6)
      activesupport (>= 4.1.0)
    http (0.9.8)
      addressable (~> 2.3)
      http-cookie (~> 1.0)
      http-form_data (~> 1.0.1)
      http_parser.rb (~> 0.6.0)
    http-cookie (1.0.2)
      domain_name (~> 0.5)
    http-form_data (1.0.1)
    http_parser.rb (0.6.0)
    i18n (0.7.0)
    json (1.8.3)
    listen (3.0.6)
      rb-fsevent (>= 0.9.3)
      rb-inotify (>= 0.9.7)
    loofah (2.0.3)
      nokogiri (>= 1.5.9)
    mail (2.6.4)
      mime-types (>= 1.16, < 4)
    memoizable (0.4.2)
      thread_safe (~> 0.3, >= 0.3.1)
    method_source (0.8.2)
    mime-types (3.0)
      mime-types-data (~> 3.2015)
    mime-types-data (3.2016.0221)
    mini_portile2 (2.0.0)
    minitest (5.8.4)
    multipart-post (2.0.0)
    naught (1.1.0)
    nio4r (1.2.1)
    nokogiri (1.6.7.2)
      mini_portile2 (~> 2.0.0.rc2)
    pry (0.10.3)
      coderay (~> 1.1.0)
      method_source (~> 0.8.1)
      slop (~> 3.4)
    pry-rails (0.3.4)
      pry (>= 0.9.10)
    puma (3.2.0)
    rack (2.0.0.alpha)
      json
    rack-test (0.6.3)
      rack (>= 1.0)
    rails (5.0.0.beta3)
      actioncable (= 5.0.0.beta3)
      actionmailer (= 5.0.0.beta3)
      actionpack (= 5.0.0.beta3)
      actionview (= 5.0.0.beta3)
      activejob (= 5.0.0.beta3)
      activemodel (= 5.0.0.beta3)
      activerecord (= 5.0.0.beta3)
      activesupport (= 5.0.0.beta3)
      bundler (>= 1.3.0, < 2.0)
      railties (= 5.0.0.beta3)
      sprockets-rails (>= 2.0.0)
    rails-deprecated_sanitizer (1.0.3)
      activesupport (>= 4.2.0.alpha)
    rails-dom-testing (1.0.7)
      activesupport (>= 4.2.0.beta, < 5.0)
      nokogiri (~> 1.6.0)
      rails-deprecated_sanitizer (>= 1.0.1)
    rails-html-sanitizer (1.0.3)
      loofah (~> 2.0)
    railties (5.0.0.beta3)
      actionpack (= 5.0.0.beta3)
      activesupport (= 5.0.0.beta3)
      method_source
      rake (>= 0.8.7)
      thor (>= 0.18.1, < 2.0)
    rake (11.1.1)
    rb-fsevent (0.9.7)
    rb-inotify (0.9.7)
      ffi (>= 0.5.0)
    simple_oauth (0.3.1)
    slop (3.6.0)
    spring (1.6.4)
    spring-watcher-listen (2.0.0)
      listen (>= 2.7, < 4.0)
      spring (~> 1.2)
    sprockets (3.5.2)
      concurrent-ruby (~> 1.0)
      rack (> 1, < 3)
    sprockets-rails (3.0.4)
      actionpack (>= 4.0)
      activesupport (>= 4.0)
      sprockets (>= 3.0.0)
    sqlite3 (1.3.11)
    thor (0.19.1)
    thread_safe (0.3.5)
    twitter (5.15.0)
      addressable (~> 2.3)
      buftok (~> 0.2.0)
      equalizer (= 0.0.10)
      faraday (~> 0.9.0)
      http (>= 0.4, < 0.10)
      http_parser.rb (~> 0.6.0)
      json (~> 1.8)
      memoizable (~> 0.4.0)
      naught (~> 1.0)
      simple_oauth (~> 0.3.0)
    tzinfo (1.2.2)
      thread_safe (~> 0.1)
    unf (0.1.4)
      unf_ext
    unf_ext (0.0.7.2)
    websocket-driver (0.6.3)
      websocket-extensions (>= 0.1.0)
    websocket-extensions (0.1.2)

PLATFORMS
  ruby

DEPENDENCIES
  byebug
  listen (~> 3.0.5)
  pry-rails
  puma
  rails (>= 5.0.0.beta3, < 5.1)
  spring
  spring-watcher-listen (~> 2.0.0)
  sqlite3
  twitter
  tzinfo-data

BUNDLED WITH
   1.10.6
